GEM
  remote: http://rubygems.org/
  specs:
    kgio (2.7.4)
    pg (0.13.2)
    rack (1.4.1)
    rack-proxy (0.3.7)
      rack
    raindrops (0.8.0)
    unicorn (4.3.0)
      kgio (~> 2.6)
      rack
      raindrops (~> 0.7)

PLATFORMS
  ruby

DEPENDENCIES
  pg
  rack
  rack-proxy
  unicorn
