GEM
  remote: http://rubygems.org/
  specs:
    activesupport (3.2.3)
      i18n (~> 0.6)
      multi_json (~> 1.0)
    chronic (0.6.7)
    i18n (0.6.0)
    json (1.6.6)
    kgio (2.7.4)
    multi_json (1.3.2)
    oj (1.2.5)
    ox (1.5.5)
    pg (0.13.2)
    rack (1.4.1)
    rack-proxy (0.3.7)
      rack
    raindrops (0.8.0)
    rake (0.9.2.2)
    rgeo (0.3.11)
    sequel (3.34.1)
    unicorn (4.3.0)
      kgio (~> 2.6)
      rack
      raindrops (~> 0.7)
    vendorer (0.1.11)
    whenever (0.7.3)
      activesupport (>= 2.3.4)
      chronic (~> 0.6.3)

PLATFORMS
  ruby

DEPENDENCIES
  json
  oj
  ox
  pg
  rack
  rack-proxy
  rake
  rgeo
  sequel
  unicorn
  vendorer
  whenever
